PATH
  remote: .
  specs:
    markdown_helper (2.5.4)

GEM
  remote: https://rubygems.org/
  specs:
    diff-lcs (1.3)
    minitest (5.11.3)
    rake (13.0.1)

PLATFORMS
  ruby
  x64-mingw32
  x86-mingw32

DEPENDENCIES
  bundler (~> 1.14)
  diff-lcs (= 1.3)
  markdown_helper!
  minitest (~> 5.0)
  rake (~> 13.0.1)

BUNDLED WITH
   1.16.1
