PATH
  remote: .
  specs:
    markdown_helper (2.5.1)

GEM
  remote: https://rubygems.org/
  specs:
    diff-lcs (1.3)
    minitest (5.11.3)
    rake (10.5.0)

PLATFORMS
  x64-mingw32
  x86-mingw32

DEPENDENCIES
  bundler (~> 1.14)
  diff-lcs (= 1.3)
  markdown_helper!
  minitest (~> 5.0)
  rake (~> 10.0)

BUNDLED WITH
   1.16.1
